GEM
  remote: https://rubygems.org/
  specs:
    coffee-script (2.2.0)
      coffee-script-source
      execjs
    coffee-script-source (1.3.3)
    daemons (1.1.8)
    diff-lcs (1.1.3)
    eventmachine (0.12.10)
    execjs (1.4.0)
      multi_json (~> 1.0)
    foreman (0.41.0)
      thor (>= 0.13.6)
    fssm (0.2.8.1)
    hike (1.2.1)
    json (1.7.3)
    multi_json (1.2.0)
    mustache (0.99.4)
    rack (1.4.1)
    rack-protection (1.2.0)
      rack
    redis (2.2.2)
    redis-namespace (1.0.3)
      redis (< 3.0.0)
    resque (1.20.0)
      multi_json (~> 1.0)
      redis-namespace (~> 1.0.2)
      sinatra (>= 0.9.2)
      vegas (~> 0.1.2)
    resque_spec (0.12.2)
      resque (>= 1.19.0)
      rspec (>= 2.5.0)
    rspec (2.11.0)
      rspec-core (~> 2.11.0)
      rspec-expectations (~> 2.11.0)
      rspec-mocks (~> 2.11.0)
    rspec-core (2.11.0)
    rspec-expectations (2.11.0)
      diff-lcs (~> 1.1.3)
    rspec-mocks (2.11.0)
    sass (3.1.19)
    sinatra (1.3.2)
      rack (~> 1.3, >= 1.3.6)
      rack-protection (~> 1.2)
      tilt (~> 1.3, >= 1.3.3)
    sprockets (2.4.3)
      hike (~> 1.2)
      multi_json (~> 1.0)
      rack (~> 1.0)
      tilt (~> 1.1, != 1.3.0)
    thin (1.3.1)
      daemons (>= 1.0.9)
      eventmachine (>= 0.12.6)
      rack (>= 1.0.0)
    thor (0.14.6)
    tilt (1.3.3)
    vegas (0.1.11)
      rack (>= 1.0.0)

PLATFORMS
  ruby

DEPENDENCIES
  coffee-script
  foreman
  fssm (= 0.2.8.1)
  json
  mustache
  redis
  resque
  resque_spec
  sass
  sinatra
  sprockets
  thin
